GEM
  remote: https://rubygems.org/
  specs:
    actioncable (8.0.3)
      actionpack (= 8.0.3)
      activesupport (= 8.0.3)
      nio4r (~> 2.0)
      websocket-driver (>= 0.6.1)
      zeitwerk (~> 2.6)
    actionmailbox (8.0.3)
      actionpack (= 8.0.3)
      activejob (= 8.0.3)
      activerecord (= 8.0.3)
      activestorage (= 8.0.3)
      activesupport (= 8.0.3)
      mail (>= 2.8.0)
    actionmailer (8.0.3)
      actionpack (= 8.0.3)
      actionview (= 8.0.3)
      activejob (= 8.0.3)
      activesupport (= 8.0.3)
      mail (>= 2.8.0)
      rails-dom-testing (~> 2.2)
    actionpack (8.0.3)
      actionview (= 8.0.3)
      activesupport (= 8.0.3)
      nokogiri (>= 1.8.5)
      rack (>= 2.2.4)
      rack-session (>= 1.0.1)
      rack-test (>= 0.6.3)
      rails-dom-testing (~> 2.2)
      rails-html-sanitizer (~> 1.6)
      useragent (~> 0.16)
    actiontext (8.0.3)
      actionpack (= 8.0.3)
      activerecord (= 8.0.3)
      activestorage (= 8.0.3)
      activesupport (= 8.0.3)
      globalid (>= 0.6.0)
      nokogiri (>= 1.8.5)
    actionview (8.0.3)
      activesupport (= 8.0.3)
      builder (~> 3.1)
      erubi (~> 1.11)
      rails-dom-testing (~> 2.2)
      rails-html-sanitizer (~> 1.6)
    activejob (8.0.3)
      activesupport (= 8.0.3)
      globalid (>= 0.3.6)
    activemodel (8.0.3)
      activesupport (= 8.0.3)
    activerecord (8.0.3)
      activemodel (= 8.0.3)
      activesupport (= 8.0.3)
      timeout (>= 0.4.0)
    activestorage (8.0.3)
      actionpack (= 8.0.3)
      activejob (= 8.0.3)
      activerecord (= 8.0.3)
      activesupport (= 8.0.3)
      marcel (~> 1.0)
    activesupport (8.0.3)
      base64
      benchmark (>= 0.3)
      bigdecimal
      concurrent-ruby (~> 1.0, >= 1.3.1)
      connection_pool (>= 2.2.5)
      drb
      i18n (>= 1.6, < 2)
      logger (>= 1.4.2)
      minitest (>= 5.1)
      securerandom (>= 0.3)
      tzinfo (~> 2.0, >= 2.0.5)
      uri (>= 0.13.1)
    addressable (2.8.7)
      public_suffix (>= 2.0.2, < 7.0)
    aws-eventstream (1.4.0)
    aws-partitions (1.1174.0)
    aws-sdk-core (3.233.0)
      aws-eventstream (~> 1, >= 1.3.0)
      aws-partitions (~> 1, >= 1.992.0)
      aws-sigv4 (~> 1.9)
      base64
      bigdecimal
      jmespath (~> 1, >= 1.6.1)
      logger
    aws-sdk-kms (1.114.0)
      aws-sdk-core (~> 3, >= 3.231.0)
      aws-sigv4 (~> 1.5)
    aws-sdk-s3 (1.200.0)
      aws-sdk-core (~> 3, >= 3.231.0)
      aws-sdk-kms (~> 1)
      aws-sigv4 (~> 1.5)
    aws-sigv4 (1.12.1)
      aws-eventstream (~> 1, >= 1.0.2)
    base64 (0.3.0)
    benchmark (0.4.1)
    bigdecimal (3.3.1)
    bindex (0.8.1)
    bootsnap (1.18.6)
      msgpack (~> 1.2)
    builder (3.3.0)
    byebug (12.0.0)
    capybara (3.40.0)
      addressable
      matrix
      mini_mime (>= 0.1.3)
      nokogiri (~> 1.11)
      rack (>= 1.6.0)
      rack-test (>= 0.6.3)
      regexp_parser (>= 1.5, < 3.0)
      xpath (~> 3.2)
    concurrent-ruby (1.3.5)
    connection_pool (2.5.4)
    crass (1.0.6)
    date (3.4.1)
    discard (1.4.0)
      activerecord (>= 4.2, < 9.0)
    down (5.4.2)
      addressable (~> 2.8)
    drb (2.2.3)
    erb (5.1.1)
    erubi (1.13.1)
    faraday (2.13.4)
      faraday-net_http (>= 2.0, < 3.5)
      json
      logger
    faraday-mashify (0.1.1)
      faraday (~> 2.0)
      hashie
    faraday-multipart (1.1.0)
      multipart-post (~> 2.0)
    faraday-net_http (3.4.1)
      net-http (>= 0.5.0)
    ffi (1.17.1-aarch64-linux-gnu)
    ffi (1.17.1-aarch64-linux-musl)
    ffi (1.17.1-arm-linux-gnu)
    ffi (1.17.1-arm-linux-musl)
    ffi (1.17.1-arm64-darwin)
    ffi (1.17.1-x86_64-darwin)
    ffi (1.17.1-x86_64-linux-gnu)
    ffi (1.17.1-x86_64-linux-musl)
    globalid (1.3.0)
      activesupport (>= 6.1)
    google-id-token (1.4.2)
      jwt (>= 1)
    google_sign_in (1.3.1)
      google-id-token (>= 1.4.0)
      oauth2 (>= 1.4.0)
      rails (>= 6.1.0)
    hashie (5.0.0)
    i18n (1.14.7)
      concurrent-ruby (~> 1.0)
    image_processing (1.14.0)
      mini_magick (>= 4.9.5, < 6)
      ruby-vips (>= 2.0.17, < 3)
    importmap-rails (2.2.2)
      actionpack (>= 6.0.0)
      activesupport (>= 6.0.0)
      railties (>= 6.0.0)
    io-console (0.8.1)
    irb (1.15.2)
      pp (>= 0.6.0)
      rdoc (>= 4.0.0)
      reline (>= 0.4.2)
    jbuilder (2.14.1)
      actionview (>= 7.0.0)
      activesupport (>= 7.0.0)
    jmespath (1.6.2)
    json (2.13.2)
    jwt (3.1.2)
      base64
    listen (3.9.0)
      rb-fsevent (~> 0.10, >= 0.10.3)
      rb-inotify (~> 0.9, >= 0.9.10)
    logger (1.7.0)
    loofah (2.24.1)
      crass (~> 1.0.2)
      nokogiri (>= 1.12.0)
    mail (2.8.1)
      mini_mime (>= 0.1.1)
      net-imap
      net-pop
      net-smtp
    marcel (1.1.0)
    matrix (0.4.2)
    mini_magick (5.2.0)
      benchmark
      logger
    mini_mime (1.1.5)
    minitest (5.26.0)
    msgpack (1.8.0)
    multi_xml (0.7.2)
      bigdecimal (~> 3.1)
    multipart-post (2.4.1)
    net-http (0.6.0)
      uri
    net-imap (0.5.12)
      date
      net-protocol
    net-pop (0.1.2)
      net-protocol
    net-protocol (0.2.2)
      timeout
    net-smtp (0.5.1)
      net-protocol
    nio4r (2.7.4)
    nokogiri (1.18.10-aarch64-linux-gnu)
      racc (~> 1.4)
    nokogiri (1.18.10-aarch64-linux-musl)
      racc (~> 1.4)
    nokogiri (1.18.10-arm-linux-gnu)
      racc (~> 1.4)
    nokogiri (1.18.10-arm-linux-musl)
      racc (~> 1.4)
    nokogiri (1.18.10-arm64-darwin)
      racc (~> 1.4)
    nokogiri (1.18.10-x86_64-darwin)
      racc (~> 1.4)
    nokogiri (1.18.10-x86_64-linux-gnu)
      racc (~> 1.4)
    nokogiri (1.18.10-x86_64-linux-musl)
      racc (~> 1.4)
    notion-ruby-client (1.2.2)
      faraday (>= 2.0)
      faraday-mashify (>= 0.1.1)
      faraday-multipart (>= 1.0.4)
      hashie (~> 5)
    oauth2 (2.0.12)
      faraday (>= 0.17.3, < 4.0)
      jwt (>= 1.0, < 4.0)
      logger (~> 1.2)
      multi_xml (~> 0.5)
      rack (>= 1.2, < 4)
      snaky_hash (~> 2.0, >= 2.0.3)
      version_gem (>= 1.1.8, < 3)
    pg (1.6.2)
    pg (1.6.2-aarch64-linux)
    pg (1.6.2-aarch64-linux-musl)
    pg (1.6.2-arm64-darwin)
    pg (1.6.2-x86_64-darwin)
    pg (1.6.2-x86_64-linux)
    pg (1.6.2-x86_64-linux-musl)
    pp (0.6.3)
      prettyprint
    prettyprint (0.2.0)
    psych (5.2.6)
      date
      stringio
    public_suffix (6.0.1)
    puma (7.0.3)
      nio4r (~> 2.0)
    racc (1.8.1)
    rack (3.2.3)
    rack-mini-profiler (4.0.1)
      rack (>= 1.2.0)
    rack-session (2.1.1)
      base64 (>= 0.1.0)
      rack (>= 3.0.0)
    rack-test (2.2.0)
      rack (>= 1.3)
    rackup (2.2.1)
      rack (>= 3)
    rails (8.0.3)
      actioncable (= 8.0.3)
      actionmailbox (= 8.0.3)
      actionmailer (= 8.0.3)
      actionpack (= 8.0.3)
      actiontext (= 8.0.3)
      actionview (= 8.0.3)
      activejob (= 8.0.3)
      activemodel (= 8.0.3)
      activerecord (= 8.0.3)
      activestorage (= 8.0.3)
      activesupport (= 8.0.3)
      bundler (>= 1.15.0)
      railties (= 8.0.3)
    rails-dom-testing (2.3.0)
      activesupport (>= 5.0.0)
      minitest
      nokogiri (>= 1.6)
    rails-html-sanitizer (1.6.2)
      loofah (~> 2.21)
      nokogiri (>= 1.15.7, != 1.16.7, != 1.16.6, != 1.16.5, != 1.16.4, != 1.16.3, != 1.16.2, != 1.16.1, != 1.16.0.rc1, != 1.16.0)
    railties (8.0.3)
      actionpack (= 8.0.3)
      activesupport (= 8.0.3)
      irb (~> 1.13)
      rackup (>= 1.0.0)
      rake (>= 12.2)
      thor (~> 1.0, >= 1.2.2)
      tsort (>= 0.2)
      zeitwerk (~> 2.6)
    rake (13.3.0)
    rb-fsevent (0.11.2)
    rb-inotify (0.11.1)
      ffi (~> 1.0)
    rdoc (6.15.0)
      erb
      psych (>= 4.0.0)
      tsort
    regexp_parser (2.10.0)
    reline (0.6.2)
      io-console (~> 0.5)
    rexml (3.4.2)
    ruby-vips (2.2.3)
      ffi (~> 1.12)
      logger
    rubyzip (3.0.1)
    sass-rails (6.0.0)
      sassc-rails (~> 2.1, >= 2.1.1)
    sassc (2.4.0)
      ffi (~> 1.9)
    sassc-rails (2.1.2)
      railties (>= 4.0.0)
      sassc (>= 2.0)
      sprockets (> 3.0)
      sprockets-rails
      tilt
    securerandom (0.4.1)
    selenium-webdriver (4.35.0)
      base64 (~> 0.2)
      logger (~> 1.4)
      rexml (~> 3.2, >= 3.2.5)
      rubyzip (>= 1.2.2, < 4.0)
      websocket (~> 1.0)
    snaky_hash (2.0.3)
      hashie (>= 0.1.0, < 6)
      version_gem (>= 1.1.8, < 3)
    sprockets (4.2.1)
      concurrent-ruby (~> 1.0)
      rack (>= 2.2.4, < 4)
    sprockets-rails (3.5.2)
      actionpack (>= 6.1)
      activesupport (>= 6.1)
      sprockets (>= 3.0.0)
    stimulus-rails (1.3.4)
      railties (>= 6.0.0)
    stringio (3.1.7)
    thor (1.4.0)
    tilt (2.6.0)
    timeout (0.4.3)
    tsort (0.2.0)
    turbo-rails (2.0.16)
      actionpack (>= 7.1.0)
      railties (>= 7.1.0)
    tzinfo (2.0.6)
      concurrent-ruby (~> 1.0)
    uri (1.0.4)
    useragent (0.16.11)
    version_gem (1.1.8)
    web-console (4.2.1)
      actionview (>= 6.0.0)
      activemodel (>= 6.0.0)
      bindex (>= 0.4.0)
      railties (>= 6.0.0)
    websocket (1.2.11)
    websocket-driver (0.8.0)
      base64
      websocket-extensions (>= 0.1.0)
    websocket-extensions (0.1.5)
    xpath (3.2.0)
      nokogiri (~> 1.8)
    zeitwerk (2.7.3)

PLATFORMS
  aarch64-linux-gnu
  aarch64-linux-musl
  arm-linux-gnu
  arm-linux-musl
  arm64-darwin
  x86_64-darwin
  x86_64-linux-gnu
  x86_64-linux-musl

DEPENDENCIES
  aws-sdk-s3
  bootsnap (>= 1.4.4)
  byebug
  capybara
  discard (~> 1.4)
  down
  google_sign_in
  image_processing (~> 1.13)
  importmap-rails
  jbuilder (~> 2.14)
  listen (~> 3.9)
  notion-ruby-client
  pg
  puma
  rack-mini-profiler
  rails (~> 8)
  sass-rails (>= 6)
  selenium-webdriver
  stimulus-rails
  turbo-rails
  tzinfo-data
  web-console (>= 4.1.0)

RUBY VERSION
   ruby 3.4.2p28

BUNDLED WITH
   2.6.2
